PATH
  remote: .
  specs:
    captive-rubocop (1.0.0.pre.alpha.0)

GEM
  remote: https://rubygems.org/
  specs:

PLATFORMS
  arm64-darwin-22

DEPENDENCIES
  captive-rubocop!

BUNDLED WITH
   2.3.14
